GEM
  remote: https://rubygems.org/
  specs:
    aasm (3.1.0)
    actionmailer (4.0.3)
      actionpack (= 4.0.3)
      mail (~> 2.5.4)
    actionpack (4.0.3)
      activesupport (= 4.0.3)
      builder (~> 3.1.0)
      erubis (~> 2.7.0)
      rack (~> 1.5.2)
      rack-test (~> 0.6.2)
    activemodel (4.0.3)
      activesupport (= 4.0.3)
      builder (~> 3.1.0)
    activerecord (4.0.3)
      activemodel (= 4.0.3)
      activerecord-deprecated_finders (~> 1.0.2)
      activesupport (= 4.0.3)
      arel (~> 4.0.0)
    activerecord-deprecated_finders (1.0.3)
    activerecord-jdbc-adapter (1.3.6)
      activerecord (>= 2.2)
    activerecord-jdbcpostgresql-adapter (1.3.6)
      activerecord-jdbc-adapter (~> 1.3.6)
      jdbc-postgres (>= 9.1)
    activesupport (4.0.3)
      i18n (~> 0.6, >= 0.6.4)
      minitest (~> 4.2)
      multi_json (~> 1.3)
      thread_safe (~> 0.1)
      tzinfo (~> 0.3.37)
    arel (4.0.2)
    atomic (1.1.15)
    atomic (1.1.15-java)
    bcrypt (3.1.7)
    bcrypt (3.1.7-java)
    bcrypt-ruby (3.1.5)
      bcrypt (>= 3.1.3)
    bcrypt-ruby (3.1.5-java)
      bcrypt (>= 3.1.3)
    blankslate (2.1.2.4)
    builder (3.1.4)
    coderay (1.1.0)
    coffee-rails (4.0.1)
      coffee-script (>= 2.2.0)
      railties (>= 4.0.0, < 5.0)
    coffee-script (2.2.0)
      coffee-script-source
      execjs
    coffee-script-source (1.7.0)
    devise (3.2.3)
      bcrypt-ruby (~> 3.0)
      orm_adapter (~> 0.1)
      railties (>= 3.2.6, < 5)
      thread_safe (~> 0.1)
      warden (~> 1.2.3)
    diff-lcs (1.2.5)
    edn (1.0.0)
      parslet (~> 1.4.0)
    erubis (2.7.0)
    execjs (2.0.2)
    ffi (1.9.3-java)
    haml (4.0.5)
      tilt
    haml-rails (0.5.3)
      actionpack (>= 4.0.1)
      activesupport (>= 4.0.1)
      haml (>= 3.1, < 5.0)
      railties (>= 4.0.1)
    hike (1.2.3)
    i18n (0.6.9)
    jbuilder (1.5.3)
      activesupport (>= 3.0.0)
      multi_json (>= 1.2.0)
    jdbc-postgres (9.3.1100)
    jquery-rails (3.1.0)
      railties (>= 3.0, < 5.0)
      thor (>= 0.14, < 2.0)
    json (1.8.1)
    json (1.8.1-java)
    mail (2.5.4)
      mime-types (~> 1.16)
      treetop (~> 1.4.8)
    method_source (0.8.2)
    mime-types (1.25.1)
    minitest (4.7.5)
    multi_json (1.8.4)
    orm_adapter (0.5.0)
    parslet (1.4.0)
      blankslate (~> 2.0)
    polyglot (0.3.4)
    pry (0.9.12.6-java)
      coderay (~> 1.0)
      method_source (~> 0.8)
      slop (~> 3.4)
      spoon (~> 0.0)
    pry-rails (0.3.2)
      pry (>= 0.9.10)
    rack (1.5.2)
    rack-test (0.6.2)
      rack (>= 1.0)
    rails (4.0.3)
      actionmailer (= 4.0.3)
      actionpack (= 4.0.3)
      activerecord (= 4.0.3)
      activesupport (= 4.0.3)
      bundler (>= 1.3.0, < 2.0)
      railties (= 4.0.3)
      sprockets-rails (~> 2.0.0)
    railties (4.0.3)
      actionpack (= 4.0.3)
      activesupport (= 4.0.3)
      rake (>= 0.8.7)
      thor (>= 0.18.1, < 2.0)
    rake (10.1.1)
    rdoc (4.1.1)
      json (~> 1.4)
    rspec-core (2.14.8)
    rspec-expectations (2.14.5)
      diff-lcs (>= 1.1.3, < 2.0)
    rspec-mocks (2.14.6)
    rspec-rails (2.14.1)
      actionpack (>= 3.0)
      activemodel (>= 3.0)
      activesupport (>= 3.0)
      railties (>= 3.0)
      rspec-core (~> 2.14.0)
      rspec-expectations (~> 2.14.0)
      rspec-mocks (~> 2.14.0)
    sass (3.2.14)
    sass-rails (4.0.1)
      railties (>= 4.0.0, < 5.0)
      sass (>= 3.1.10)
      sprockets-rails (~> 2.0.0)
    sdoc (0.4.0)
      json (~> 1.8)
      rdoc (~> 4.0, < 5.0)
    simple_form (3.0.1)
      actionpack (>= 4.0.0, < 4.1)
      activemodel (>= 4.0.0, < 4.1)
    slop (3.4.7)
    spoon (0.0.4)
      ffi
    sprockets (2.11.0)
      hike (~> 1.2)
      multi_json (~> 1.0)
      rack (~> 1.0)
      tilt (~> 1.1, != 1.3.0)
    sprockets-rails (2.0.1)
      actionpack (>= 3.0)
      activesupport (>= 3.0)
      sprockets (~> 2.8)
    state_machine (1.2.0)
    therubyrhino (2.0.3)
      therubyrhino_jar (>= 1.7.3)
    therubyrhino_jar (1.7.4)
    thor (0.18.1)
    thread_safe (0.2.0)
      atomic (>= 1.1.7, < 2)
    thread_safe (0.2.0-java)
      atomic (>= 1.1.7, < 2)
    tilt (1.4.1)
    torquebox (3.0.2)
      thor (>= 0.14.6)
      torquebox-cache (= 3.0.2)
      torquebox-configure (= 3.0.2)
      torquebox-core (= 3.0.2)
      torquebox-messaging (= 3.0.2)
      torquebox-naming (= 3.0.2)
      torquebox-rake-support (= 3.0.2)
      torquebox-security (= 3.0.2)
      torquebox-stomp (= 3.0.2)
      torquebox-transactions (= 3.0.2)
      torquebox-web (= 3.0.2)
    torquebox-cache (3.0.2-java)
      torquebox-core (= 3.0.2)
      torquebox-transactions (= 3.0.2)
    torquebox-configure (3.0.2-java)
      blankslate (= 2.1.2.4)
    torquebox-core (3.0.2-java)
      edn (= 1.0.0)
    torquebox-messaging (3.0.2-java)
      torquebox-core (= 3.0.2)
      torquebox-transactions (= 3.0.2)
    torquebox-naming (3.0.2-java)
      torquebox-core (= 3.0.2)
    torquebox-rake-support (3.0.2)
      rake (>= 0.8.7)
    torquebox-security (3.0.2-java)
      torquebox-core (= 3.0.2)
    torquebox-server (3.0.2-java)
      torquebox (= 3.0.2)
    torquebox-stomp (3.0.2)
      torquebox-core (= 3.0.2)
      torquebox-messaging (= 3.0.2)
    torquebox-transactions (3.0.2)
      torquebox-core (= 3.0.2)
    torquebox-web (3.0.2-java)
    treetop (1.4.15)
      polyglot
      polyglot (>= 0.3.1)
    turbolinks (2.2.1)
      coffee-rails
    tzinfo (0.3.38)
    uglifier (2.4.0)
      execjs (>= 0.3.0)
      json (>= 1.8.0)
    warden (1.2.3)
      rack (>= 1.0)

PLATFORMS
  java

DEPENDENCIES
  aasm
  activerecord-jdbcpostgresql-adapter
  coffee-rails (~> 4.0.0)
  devise
  haml-rails
  jbuilder (~> 1.2)
  jquery-rails
  pry-rails
  rails (= 4.0.3)
  rspec-rails
  sass-rails (~> 4.0.0)
  sdoc
  simple_form
  state_machine
  therubyrhino
  torquebox (= 3.0.2)
  torquebox-server
  turbolinks
  uglifier (>= 1.3.0)
